GIT
  remote: git://github.com/amatsuda/kaminari.git
  revision: 2e09b5374fec33b57c6387ca7bac89ecaa60c9eb
  specs:
    kaminari (0.14.1)
      actionpack (>= 3.0.0)
      activesupport (>= 3.0.0)

GIT
  remote: git://github.com/jnicklas/capybara.git
  revision: 6ee24542406a25bf746b16428ff16f95ecc5ec7c
  specs:
    capybara (2.0.2)
      mime-types (>= 1.16)
      nokogiri (>= 1.3.3)
      rack (>= 1.0.0)
      rack-test (>= 0.5.4)
      selenium-webdriver (~> 2.0)
      xpath (~> 1.0.0)

GIT
  remote: git://github.com/mcasimir/kaminari-bootstrap.git
  revision: d28af1aed603ddd4a1e0556532c63ad7a7473edc
  specs:
    kaminari-bootstrap (0.1.3)
      kaminari (>= 0.13.0)
      rails

GIT
  remote: git://github.com/metaskills/less-rails.git
  revision: 1ded292354c5af8e10a28e918e2442e14d04e00f
  specs:
    less-rails (2.2.6)
      actionpack (>= 3.1)
      less (~> 2.2.0)

GIT
  remote: git://github.com/rails/activerecord-deprecated_finders.git
  revision: 2c4ebb2e79095efdd189c08861e3e7f694c52215
  specs:
    activerecord-deprecated_finders (0.0.1)

GIT
  remote: git://github.com/rails/coffee-rails.git
  revision: 052634e6d02d4800d7b021201cc8d5829775b3cd
  specs:
    coffee-rails (4.0.0.beta)
      coffee-script (>= 2.2.0)
      railties (>= 4.0.0.beta, < 5.0)

GIT
  remote: git://github.com/rails/journey.git
  revision: e64274443f8420df2518cf2206a2c640d9d8e196
  specs:
    journey (2.0.0.20120723141804)

GIT
  remote: git://github.com/rails/rails.git
  revision: 8a7fad8970aadea3a79657ef09d3247786e27c2e
  specs:
    actionmailer (4.0.0.beta)
      actionpack (= 4.0.0.beta)
      mail (~> 2.5.3)
    actionpack (4.0.0.beta)
      activesupport (= 4.0.0.beta)
      builder (~> 3.1.0)
      erubis (~> 2.7.0)
      rack (~> 1.4.3)
      rack-test (~> 0.6.1)
    activemodel (4.0.0.beta)
      activesupport (= 4.0.0.beta)
      builder (~> 3.1.0)
    activerecord (4.0.0.beta)
      activemodel (= 4.0.0.beta)
      activerecord-deprecated_finders (= 0.0.1)
      activesupport (= 4.0.0.beta)
      arel (~> 3.0.2)
    activesupport (4.0.0.beta)
      i18n (~> 0.6)
      minitest (~> 4.1)
      multi_json (~> 1.3)
      thread_safe (~> 0.1)
      tzinfo (~> 0.3.33)
    rails (4.0.0.beta)
      actionmailer (= 4.0.0.beta)
      actionpack (= 4.0.0.beta)
      activerecord (= 4.0.0.beta)
      activesupport (= 4.0.0.beta)
      bundler (>= 1.2.2, < 2.0)
      railties (= 4.0.0.beta)
      sprockets-rails (~> 2.0.0.rc1)
    railties (4.0.0.beta)
      actionpack (= 4.0.0.beta)
      activesupport (= 4.0.0.beta)
      rake (>= 0.8.7)
      rdoc (~> 3.4)
      thor (>= 0.15.4, < 2.0)

GIT
  remote: git://github.com/rails/sass-rails.git
  revision: ae8138a89cac397c0df903dd533e2862902ce8f5
  specs:
    sass-rails (4.0.0.beta)
      railties (>= 4.0.0.beta, < 5.0)
      sass (>= 3.1.10)
      sprockets-rails (~> 2.0.0.rc0)
      tilt (~> 1.3)

GIT
  remote: git://github.com/rails/sprockets-rails.git
  revision: 09917104fdb42245fe369612a7b0e3d77e1ba763
  specs:
    sprockets-rails (2.0.0.rc1)
      actionpack (>= 3.0)
      activesupport (>= 3.0)
      sprockets (~> 2.8)

GIT
  remote: git://github.com/rspec/rspec-core.git
  revision: 960bbd2bd2ccb47fd5649d6c16ec072a00f098ee
  specs:
    rspec-core (2.12.2)

GIT
  remote: git://github.com/rspec/rspec-expectations.git
  revision: f12659e610b8231524fdd0d62be1f93b12e577e9
  specs:
    rspec-expectations (2.12.1)
      diff-lcs (~> 1.1.3)

GIT
  remote: git://github.com/rspec/rspec-mocks.git
  revision: a0c8217640fcf0859fa32a88fb59aff0f8b9c4c6
  specs:
    rspec-mocks (2.12.1)

GIT
  remote: git://github.com/rspec/rspec-rails.git
  revision: 9f463b998b59235db489be910d7ab0197a34034b
  specs:
    rspec-rails (2.12.0)
      actionpack (>= 3.0)
      activesupport (>= 3.0)
      railties (>= 3.0)
      rspec-core (~> 2.12.0)
      rspec-expectations (~> 2.12.0)
      rspec-mocks (~> 2.12.0)

GIT
  remote: git://github.com/rspec/rspec.git
  revision: b8e9f832cc56966ff48c47d5ec1f918c38986380
  specs:
    rspec (2.12.0)
      rspec-core (~> 2.12.0)
      rspec-expectations (~> 2.12.0)
      rspec-mocks (~> 2.12.0)

GIT
  remote: git://github.com/seyhunak/twitter-bootstrap-rails.git
  revision: 9649b2c0b12a374dfece50a3ae31cc56ad778300
  specs:
    twitter-bootstrap-rails (2.2.0)
      actionpack (>= 3.1)
      execjs
      railties (>= 3.1)

GIT
  remote: git://github.com/sstephenson/sprockets.git
  revision: 37e80b651935ed5388abeacc35bf4c6ffc10bd8f
  specs:
    sprockets (2.8.2)
      hike (~> 1.2)
      multi_json (~> 1.0)
      rack (~> 1.0)
      tilt (~> 1.1, != 1.3.0)

GEM
  remote: https://rubygems.org/
  specs:
    addressable (2.3.2)
    arel (3.0.2)
    artii (2.0.3)
    atomic (1.0.1)
    binding_of_caller (0.6.8)
    bluecloth (2.2.0)
    builder (3.1.4)
    capistrano (2.14.1)
      highline
      net-scp (>= 1.0.0)
      net-sftp (>= 2.0.0)
      net-ssh (>= 2.0.14)
      net-ssh-gateway (>= 1.1.0)
    capistrano_banner (0.0.4)
      capistrano
      term-ansicolor
      thor
    capistrano_colors (0.5.5)
    childprocess (0.3.6)
      ffi (~> 1.0, >= 1.0.6)
    coderay (1.0.8)
    coffee-script (2.2.0)
      coffee-script-source
      execjs
    coffee-script-source (1.4.0)
    columnize (0.3.6)
    commonjs (0.2.6)
    daemons (1.1.9)
    database_cleaner (0.9.1)
    debugger (1.2.3)
      columnize (>= 0.3.1)
      debugger-linecache (~> 1.1.1)
      debugger-ruby_core_source (~> 1.1.5)
    debugger-linecache (1.1.2)
      debugger-ruby_core_source (>= 1.1.1)
    debugger-ruby_core_source (1.1.6)
    diff-lcs (1.1.3)
    em-websocket (0.3.8)
      addressable (>= 2.1.1)
      eventmachine (>= 0.12.9)
    erubis (2.7.0)
    eventmachine (1.0.0)
    execjs (1.4.0)
      multi_json (~> 1.0)
    factory_girl (4.1.0)
      activesupport (>= 3.0.0)
    faraday (0.8.4)
      multipart-post (~> 1.1)
    faraday_middleware (0.9.0)
      faraday (>= 0.7.4, < 0.9)
    ffi (1.3.1)
    guard (1.6.1)
      listen (>= 0.6.0)
      lumberjack (>= 1.0.2)
      pry (>= 0.9.10)
      thor (>= 0.14.6)
    guard-livereload (1.1.3)
      em-websocket (>= 0.2.0)
      guard (>= 1.5.0)
      multi_json (~> 1.0)
    hashie (1.2.0)
    highline (1.6.15)
    hike (1.2.1)
    httpauth (0.2.0)
    i18n (0.6.1)
    jquery-rails (2.1.4)
      railties (>= 3.0, < 5.0)
      thor (>= 0.14, < 2.0)
    json (1.7.6)
    jwt (0.1.5)
      multi_json (>= 1.0)
    kgio (2.7.4)
    launchy (2.1.2)
      addressable (~> 2.3)
    less (2.2.2)
      commonjs (~> 0.2.6)
    libv8 (3.11.8.13)
    libwebsocket (0.1.7.1)
      addressable
      websocket
    listen (0.7.1)
    lumberjack (1.0.2)
    mail (2.5.3)
      i18n (>= 0.4.0)
      mime-types (~> 1.16)
      treetop (~> 1.4.8)
    method_source (0.8.1)
    mime-types (1.19)
    minitest (4.4.0)
    multi_json (1.5.0)
    multipart-post (1.1.5)
    mysql2 (0.3.11)
    net-scp (1.0.4)
      net-ssh (>= 1.99.1)
    net-sftp (2.0.5)
      net-ssh (>= 2.0.9)
    net-ssh (2.6.3)
    net-ssh-gateway (1.1.0)
      net-ssh (>= 1.99.1)
    netrc (0.7.7)
    nokogiri (1.5.6)
    oauth2 (0.8.0)
      faraday (~> 0.8)
      httpauth (~> 0.1)
      jwt (~> 0.1.4)
      multi_json (~> 1.0)
      rack (~> 1.2)
    octokit (1.21.0)
      addressable (~> 2.2)
      faraday (~> 0.8)
      faraday_middleware (~> 0.9)
      hashie (~> 1.2)
      multi_json (~> 1.3)
      netrc (~> 0.7.7)
    omniauth (1.1.1)
      hashie (~> 1.2)
      rack
    omniauth-github (1.0.3)
      omniauth (~> 1.0)
      omniauth-oauth2 (~> 1.1)
    omniauth-oauth2 (1.1.1)
      oauth2 (~> 0.8.0)
      omniauth (~> 1.0)
    polyglot (0.3.3)
    pry (0.9.10)
      coderay (~> 1.0.5)
      method_source (~> 0.8)
      slop (~> 3.3.1)
    pry-debugger (0.2.1)
      debugger (~> 1.2.0)
      pry (~> 0.9.10)
    pry-remote (0.1.6)
      pry (~> 0.9)
      slop (~> 3.0)
    pry-stack_explorer (0.4.7)
      binding_of_caller (~> 0.6.8)
    rack (1.4.3)
    rack-livereload (0.3.10)
      rack
    rack-test (0.6.2)
      rack (>= 1.0)
    rails_config (0.3.2)
      activesupport (>= 3.0)
    raindrops (0.10.0)
    rake (10.0.3)
    rb-fsevent (0.9.3)
    rdoc (3.12)
      json (~> 1.4)
    ref (1.0.2)
    rubyzip (0.9.9)
    sass (3.2.5)
    selenium-webdriver (2.27.2)
      childprocess (>= 0.2.5)
      libwebsocket (~> 0.1.3)
      multi_json (~> 1.0)
      rubyzip
    simplecov (0.7.1)
      multi_json (~> 1.0)
      simplecov-html (~> 0.7.1)
    simplecov-html (0.7.1)
    slop (3.3.3)
    term-ansicolor (1.0.7)
    therubyracer (0.11.1)
      libv8 (~> 3.11.8.7)
      ref
    thin (1.5.0)
      daemons (>= 1.0.9)
      eventmachine (>= 0.12.6)
      rack (>= 1.0.0)
    thor (0.16.0)
    thread_safe (0.1.0)
      atomic
    tilt (1.3.3)
    treetop (1.4.12)
      polyglot
      polyglot (>= 0.3.1)
    triglav-client (0.0.1)
    turbolinks (0.6.1)
      coffee-rails
    tzinfo (0.3.35)
    uglifier (1.3.0)
      execjs (>= 0.3.0)
      multi_json (~> 1.0, >= 1.0.2)
    unicorn (4.5.0)
      kgio (~> 2.6)
      rack
      raindrops (~> 0.7)
    websocket (1.0.6)
    xpath (1.0.0)
      nokogiri (~> 1.3)

PLATFORMS
  ruby

DEPENDENCIES
  activerecord-deprecated_finders!
  artii
  bluecloth
  capistrano
  capistrano_banner
  capistrano_colors
  capybara!
  coffee-rails!
  database_cleaner
  factory_girl
  guard
  guard-livereload
  journey!
  jquery-rails
  kaminari!
  kaminari-bootstrap!
  launchy
  less-rails!
  mysql2
  octokit
  omniauth
  omniauth-github
  pry
  pry-debugger
  pry-remote
  pry-stack_explorer
  rack-livereload
  rails!
  rails_config
  rake
  rb-fsevent
  rspec!
  rspec-core!
  rspec-expectations!
  rspec-mocks!
  rspec-rails!
  sass-rails!
  simplecov
  sprockets!
  sprockets-rails!
  therubyracer
  thin
  triglav-client
  turbolinks
  twitter-bootstrap-rails!
  uglifier (>= 1.0.3)
  unicorn
